PATH
  remote: .
  specs:
    bbcoder (0.1.6)

GEM
  remote: http://rubygems.org/
  specs:
    diff-lcs (1.1.2)
    rr (1.0.2)
    rspec (2.4.0)
      rspec-core (~> 2.4.0)
      rspec-expectations (~> 2.4.0)
      rspec-mocks (~> 2.4.0)
    rspec-core (2.4.0)
    rspec-expectations (2.4.0)
      diff-lcs (~> 1.1.2)
    rspec-mocks (2.4.0)

PLATFORMS
  ruby

DEPENDENCIES
  bbcoder!
  rr
  rspec
